GEM
  remote: https://rubygems.org/
  specs:
    addressable (2.4.0)
    corefoundation (0.2.0)
      ffi
    faraday (0.9.2)
      multipart-post (>= 1.2, < 3)
    ffi (1.9.10)
    json (1.8.3)
    multipart-post (2.0.0)
    octokit (4.3.0)
      sawyer (~> 0.7.0, >= 0.5.3)
    rainbow (2.1.0)
    ruby-keychain (0.3.2)
      corefoundation (~> 0.2.0)
      ffi
    sawyer (0.7.0)
      addressable (>= 2.3.5, < 2.5)
      faraday (~> 0.8, < 0.10)

PLATFORMS
  ruby

DEPENDENCIES
  json
  octokit
  rainbow
  ruby-keychain

BUNDLED WITH
   1.11.2
